GIT
  remote: https://github.com/vpereira/obs_deploy.git
  revision: a9d15d65bb8647fe366d1941b313ba1118ddfa01
  specs:
    obs_deploy (0.3.7)
      cheetah
      dry-cli
      git_diff_parser
      nokogiri

GEM
  remote: https://rubygems.org/
  specs:
    abstract_method (1.2.1)
    cheetah (0.5.2)
      abstract_method (~> 1.2)
    concurrent-ruby (1.1.8)
    dotenv (2.7.6)
    dry-cli (0.6.0)
      concurrent-ruby (~> 1.0)
    git_diff_parser (3.2.0)
    mini_portile2 (2.5.0)
    nokogiri (1.11.1)
      mini_portile2 (~> 2.5.0)
      racc (~> 1.4)
    racc (1.5.2)

PLATFORMS
  ruby

DEPENDENCIES
  dotenv
  obs_deploy!

BUNDLED WITH
   2.2.8
